PATH
  remote: .
  specs:
    natural_time (0.0.5)
      activesupport

GEM
  remote: https://rubygems.org/
  specs:
    activesupport (3.2.6)
      i18n (~> 0.6)
      multi_json (~> 1.0)
    i18n (0.6.0)
    multi_json (1.3.6)

PLATFORMS
  ruby

DEPENDENCIES
  natural_time!
